GEM
  remote: https://rubygems.org/
  specs:
    bson (3.1.0)
    mongo (2.0.5)
      bson (~> 3.0)

PLATFORMS
  ruby

DEPENDENCIES
  mongo (= 2.0.5)
